NUGET
  remote: https://nuget.org/api/v2
  specs:
    Microsoft.AspNet.Razor (3.2.2)
