NUGET
  remote: https://nuget.org/api/v2
  specs:
    AspNetRazor.Core (2.0.20710.0)
      Microsoft.AspNet.Razor (>= 2.0.20710.0 <  2.1)
    Microsoft.AspNet.Razor (2.0.30506.0)
