NUGET
  remote: https://nuget.org/api/v2
  specs:
    LibGit2Sharp (0.20.1.0)
    Microsoft.AspNet.Razor (3.2.2)
    Paket (5.119.7)
